GIT
  remote: https://github.com/chef/omnibus-software.git
  revision: db8acc3fa5baaee33eeefc0ae47c11d9cf0be2b5
  branch: main
  specs:
    omnibus-software (23.1.280)
      omnibus (>= 9.0.0)

GIT
  remote: https://github.com/chef/omnibus.git
  revision: 72753d73f0984ba8fc32964072cfba9a7b6f495f
  branch: main
  specs:
    omnibus (9.0.15)
      aws-sdk-s3 (~> 1.116.0)
      chef-cleanroom (~> 1.0)
      chef-utils (>= 15.4)
      contracts (>= 0.16.0, < 0.17.0)
      ffi-yajl (~> 2.2)
      license_scout (~> 1.0)
      mixlib-shellout (>= 2.0, < 4.0)
      mixlib-versioning
      ohai (>= 16, < 19)
      pedump
      rexml (~> 3.2)
      ruby-progressbar (~> 1.7)
      thor (>= 0.18, < 2.0)

GEM
  remote: https://rubygems.org/
  specs:
    addressable (2.8.1)
      public_suffix (>= 2.0.2, < 6.0)
    awesome_print (1.9.2)
    aws-eventstream (1.2.0)
    aws-partitions (1.705.0)
    aws-sdk-core (3.170.0)
      aws-eventstream (~> 1, >= 1.0.2)
      aws-partitions (~> 1, >= 1.651.0)
      aws-sigv4 (~> 1.5)
      jmespath (~> 1, >= 1.6.1)
    aws-sdk-kms (1.62.0)
      aws-sdk-core (~> 3, >= 3.165.0)
      aws-sigv4 (~> 1.1)
    aws-sdk-s3 (1.116.0)
      aws-sdk-core (~> 3, >= 3.127.0)
      aws-sdk-kms (~> 1)
      aws-sigv4 (~> 1.4)
    aws-sigv4 (1.5.2)
      aws-eventstream (~> 1, >= 1.0.2)
    chef-cleanroom (1.0.5)
    chef-config (18.1.0)
      addressable
      chef-utils (= 18.1.0)
      fuzzyurl
      mixlib-config (>= 2.2.12, < 4.0)
      mixlib-shellout (>= 2.0, < 4.0)
      tomlrb (~> 1.2)
    chef-utils (18.1.0)
      concurrent-ruby
    citrus (3.0.2)
    concurrent-ruby (1.2.0)
    contracts (0.16.1)
    ffi (1.15.5)
    ffi-yajl (2.4.0)
      libyajl2 (>= 1.2)
    fuzzyurl (0.9.0)
    iostruct (0.0.4)
    ipaddress (0.8.3)
    jmespath (1.6.2)
    json (2.6.3)
    libyajl2 (2.1.0)
    license_scout (1.3.4)
      ffi-yajl (~> 2.2)
      mixlib-shellout (>= 2.2, < 4.0)
      toml-rb (>= 1, < 3)
    mixlib-cli (2.1.8)
    mixlib-config (3.0.27)
      tomlrb
    mixlib-log (3.0.9)
    mixlib-shellout (3.2.7)
      chef-utils
    mixlib-versioning (1.2.12)
    multipart-post (2.3.0)
    net-scp (4.0.0)
      net-ssh (>= 2.6.5, < 8.0.0)
    net-ssh (7.0.1)
    ohai (18.0.26)
      chef-config (>= 14.12, < 19)
      chef-utils (>= 16.0, < 19)
      ffi (~> 1.9)
      ffi-yajl (~> 2.2)
      ipaddress
      mixlib-cli (>= 1.7.0)
      mixlib-config (>= 2.0, < 4.0)
      mixlib-log (>= 2.0.1, < 4.0)
      mixlib-shellout (~> 3.2, >= 3.2.5)
      plist (~> 3.1)
      train-core
      wmi-lite (~> 1.0)
    pedump (0.6.5)
      awesome_print
      iostruct (>= 0.0.4)
      multipart-post (>= 2.0.0)
      rainbow
      zhexdump (>= 0.0.2)
    plist (3.6.0)
    public_suffix (5.0.1)
    rainbow (3.1.1)
    rexml (3.2.5)
    ruby-progressbar (1.11.0)
    thor (1.2.1)
    toml-rb (2.2.0)
      citrus (~> 3.0, > 3.0)
    tomlrb (1.3.0)
    train-core (3.10.7)
      addressable (~> 2.5)
      ffi (!= 1.13.0)
      json (>= 1.8, < 3.0)
      mixlib-shellout (>= 2.0, < 4.0)
      net-scp (>= 1.2, < 5.0)
      net-ssh (>= 2.9, < 8.0)
    wmi-lite (1.0.7)
    zhexdump (0.0.2)

PLATFORMS
  ruby

DEPENDENCIES
  omnibus!
  omnibus-software!

BUNDLED WITH
   2.3.7
